PATH
  remote: ../dradis-acunetix
  specs:
    dradis-acunetix (3.1.1)
      dradis-plugins (~> 3.2)
      nokogiri (~> 1.3)

PATH
  remote: ../dradis-api
  specs:
    dradis-api (3.0.0)
      dradis_core (= 3.0.0)

PATH
  remote: ../dradis-brakeman
  specs:
    dradis-brakeman (3.0.0)
      dradis-plugins (~> 3.2)

PATH
  remote: ../dradis-burp
  specs:
    dradis-burp (3.0.0)
      dradis-plugins (~> 3.2)
      nokogiri (~> 1.3)

PATH
  remote: ../dradis-html_export
  specs:
    dradis-html_export (3.3.1)
      RedCloth (= 4.2.9)
      dradis-plugins (~> 3.3)
      rails_autolink (~> 1.1)

PATH
  remote: ../dradis-mediawiki
  specs:
    dradis-mediawiki (3.0.0)
      dradis-plugins (~> 3.0)

PATH
  remote: ../dradis-nessus
  specs:
    dradis-nessus (3.2.0)
      dradis-plugins (~> 3.2)
      nokogiri

PATH
  remote: ../dradis-nexpose
  specs:
    dradis-nexpose (3.1.0)
      dradis-plugins (~> 3.2)
      nokogiri (~> 1.3)

PATH
  remote: ../dradis-nikto
  specs:
    dradis-nikto (2.9.0)
      dradis-plugins (~> 3.2)
      nokogiri (~> 1.3)

PATH
  remote: ../dradis-nmap
  specs:
    dradis-nmap (3.0.0)
      dradis-plugins (~> 3.2)
      ruby-nmap (~> 0.7)

PATH
  remote: ../dradis-ntospider
  specs:
    dradis-ntospider (3.1.0)
      dradis-plugins (~> 3.2)

PATH
  remote: ../dradis-openvas
  specs:
    dradis-openvas (3.1.0)
      dradis-plugins (~> 3.2)

PATH
  remote: ../dradis-pdf_export
  specs:
    dradis-pdf_export (3.2.0)
      dradis-plugins (~> 3.2)
      prawn (~> 0.15.0)

PATH
  remote: ../dradis-plugins
  specs:
    dradis-plugins (3.4.1)

PATH
  remote: ../dradis-projects
  specs:
    dradis-projects (3.0.0)
      dradis-plugins (~> 3.0)
      dradis_core (~> 3.0)
      rails (~> 4.1.1)
      rubyzip (~> 1.1.0)

PATH
  remote: ../dradis-qualys
  specs:
    dradis-qualys (3.0.0)
      dradis-plugins (~> 3.2)
      nokogiri (~> 1.3)

PATH
  remote: ../dradis-theme_snowcrash
  specs:
    dradis-theme_snowcrash (3.0.0)
      font-awesome-rails (~> 3.2)
      jquery-fileupload-rails (~> 0.3.4)
      jquery-hotkeys-rails
      jquery-rails
      rails (~> 4.1.1)

PATH
  remote: ../dradis-vulndb
  specs:
    dradis-vulndb (3.0.1)
      dradis-plugins (~> 3.2)
      vulndbhq (~> 0.1)

PATH
  remote: engines/core
  specs:
    dradis_core (3.0.0)
      rails (~> 4.1.1)

PATH
  remote: engines/frontend
  specs:
    dradis_frontend (3.0.0)
      RedCloth (= 4.2.9)
      bcrypt (~> 3.1.7)
      bootstrap-sass (~> 2.3.2.2)
      rails (~> 4.1.1)
      rails_autolink (~> 1.1)
      simple_form (~> 3.0)
      warden (~> 1.2.3)

GEM
  remote: https://rubygems.org/
  specs:
    RedCloth (4.2.9)
    actionmailer (4.1.9)
      actionpack (= 4.1.9)
      actionview (= 4.1.9)
      mail (~> 2.5, >= 2.5.4)
    actionpack (4.1.9)
      actionview (= 4.1.9)
      activesupport (= 4.1.9)
      rack (~> 1.5.2)
      rack-test (~> 0.6.2)
    actionview (4.1.9)
      activesupport (= 4.1.9)
      builder (~> 3.1)
      erubis (~> 2.7.0)
    activemodel (4.1.9)
      activesupport (= 4.1.9)
      builder (~> 3.1)
    activerecord (4.1.9)
      activemodel (= 4.1.9)
      activesupport (= 4.1.9)
      arel (~> 5.0.0)
    activesupport (4.1.9)
      i18n (~> 0.6, >= 0.6.9)
      json (~> 1.7, >= 1.7.7)
      minitest (~> 5.1)
      thread_safe (~> 0.1)
      tzinfo (~> 1.1)
    acts_as_tree (1.6.1)
      activerecord (>= 3.0.0)
    arel (5.0.1.20140414130214)
    bcrypt (3.1.9)
    bootstrap-sass (2.3.2.2)
      sass (~> 3.2)
    brakeman (3.0.5)
      erubis (~> 2.6)
      fastercsv (~> 1.5)
      haml (>= 3.0, < 5.0)
      highline (~> 1.6.20)
      multi_json (~> 1.2)
      ruby2ruby (~> 2.1.1)
      ruby_parser (~> 3.7.0)
      sass (~> 3.0)
      terminal-table (~> 1.4)
    builder (3.2.2)
    capybara (2.3.0)
      mime-types (>= 1.16)
      nokogiri (>= 1.3.3)
      rack (>= 1.0.0)
      rack-test (>= 0.5.4)
      xpath (~> 2.0)
    celluloid (0.15.2)
      timers (~> 1.1.0)
    coderay (1.1.0)
    coffee-rails (4.0.1)
      coffee-script (>= 2.2.0)
      railties (>= 4.0.0, < 5.0)
    coffee-script (2.2.0)
      coffee-script-source
      execjs
    coffee-script-source (1.7.0)
    database_cleaner (1.3.0)
    diff-lcs (1.2.5)
    erubis (2.7.0)
    execjs (2.2.0)
    factory_girl (2.6.4)
      activesupport (>= 2.3.9)
    faraday (0.9.1)
      multipart-post (>= 1.2, < 3)
    fastercsv (1.5.5)
    ffi (1.9.3)
    font-awesome-rails (3.2.1.3)
      railties (>= 3.2, < 5.0)
    foreman (0.78.0)
      thor (~> 0.19.1)
    formatador (0.2.5)
    guard (2.6.1)
      formatador (>= 0.2.4)
      listen (~> 2.7)
      lumberjack (~> 1.0)
      pry (>= 0.9.12)
      thor (>= 0.18.1)
    guard-rspec (4.2.10)
      guard (~> 2.1)
      rspec (>= 2.14, < 4.0)
    haml (4.0.6)
      tilt
    highline (1.6.21)
    hike (1.2.3)
    hitimes (1.2.2)
    i18n (0.7.0)
    jbuilder (2.1.1)
      activesupport (>= 3.0.0, < 5)
      multi_json (~> 1.2)
    jquery-fileupload-rails (0.3.5)
      actionpack (>= 3.1)
      railties (>= 3.1)
    jquery-hotkeys-rails (0.7.9.1)
      railties (>= 3.1)
    jquery-rails (3.1.4)
      railties (>= 3.0, < 5.0)
      thor (>= 0.14, < 2.0)
    json (1.8.2)
    listen (2.7.8)
      celluloid (>= 0.15.2)
      rb-fsevent (>= 0.9.3)
      rb-inotify (>= 0.9)
    lumberjack (1.0.7)
    mail (2.6.3)
      mime-types (>= 1.16, < 3)
    method_source (0.8.2)
    mime-types (2.4.3)
    mini_portile (0.6.2)
    minitest (5.5.1)
    mono_logger (1.1.0)
    multi_json (1.10.1)
    multipart-post (2.0.0)
    nokogiri (1.6.5)
      mini_portile (~> 0.6.0)
    pdf-core (0.1.6)
    prawn (0.15.0)
      pdf-core (~> 0.1.3)
      ttfunk (~> 1.1.0)
    pry (0.10.0)
      coderay (~> 1.1.0)
      method_source (~> 0.8.1)
      slop (~> 3.4)
    rack (1.5.2)
    rack-protection (1.5.3)
      rack
    rack-test (0.6.3)
      rack (>= 1.0)
    rails (4.1.9)
      actionmailer (= 4.1.9)
      actionpack (= 4.1.9)
      actionview (= 4.1.9)
      activemodel (= 4.1.9)
      activerecord (= 4.1.9)
      activesupport (= 4.1.9)
      bundler (>= 1.3.0, < 2.0)
      railties (= 4.1.9)
      sprockets-rails (~> 2.0)
    rails_autolink (1.1.6)
      rails (> 3.1)
    railties (4.1.9)
      actionpack (= 4.1.9)
      activesupport (= 4.1.9)
      rake (>= 0.8.7)
      thor (>= 0.18.1, < 2.0)
    rake (10.4.2)
    rb-fsevent (0.9.4)
    rb-inotify (0.9.5)
      ffi (>= 0.5.0)
    rdoc (4.1.1)
      json (~> 1.4)
    redis (3.2.1)
    redis-namespace (1.5.1)
      redis (~> 3.0, >= 3.0.4)
    rerun (0.10.0)
      listen (~> 2.7, >= 2.7.3)
    resque (1.25.2)
      mono_logger (~> 1.0)
      multi_json (~> 1.0)
      redis-namespace (~> 1.3)
      sinatra (>= 0.9.2)
      vegas (~> 0.1.2)
    resque-status (0.4.3)
      resque (~> 1.19)
    rprogram (0.3.2)
    rspec (3.0.0)
      rspec-core (~> 3.0.0)
      rspec-expectations (~> 3.0.0)
      rspec-mocks (~> 3.0.0)
    rspec-core (3.0.2)
      rspec-support (~> 3.0.0)
    rspec-expectations (3.0.2)
      diff-lcs (>= 1.2.0, < 2.0)
      rspec-support (~> 3.0.0)
    rspec-mocks (3.0.2)
      rspec-support (~> 3.0.0)
    rspec-rails (3.0.1)
      actionpack (>= 3.0)
      activesupport (>= 3.0)
      railties (>= 3.0)
      rspec-core (~> 3.0.0)
      rspec-expectations (~> 3.0.0)
      rspec-mocks (~> 3.0.0)
      rspec-support (~> 3.0.0)
    rspec-support (3.0.1)
    ruby-nmap (0.7.0)
      nokogiri (~> 1.3)
      rprogram (~> 0.3)
    ruby2ruby (2.1.4)
      ruby_parser (~> 3.1)
      sexp_processor (~> 4.0)
    ruby_parser (3.7.1)
      sexp_processor (~> 4.1)
    rubyzip (1.1.7)
    sass (3.2.19)
    sass-rails (4.0.3)
      railties (>= 4.0.0, < 5.0)
      sass (~> 3.2.0)
      sprockets (~> 2.8, <= 2.11.0)
      sprockets-rails (~> 2.0)
    sdoc (0.4.0)
      json (~> 1.8)
      rdoc (~> 4.0, < 5.0)
    sexp_processor (4.6.0)
    simple_form (3.1.0)
      actionpack (~> 4.0)
      activemodel (~> 4.0)
    sinatra (1.4.5)
      rack (~> 1.4)
      rack-protection (~> 1.4)
      tilt (~> 1.3, >= 1.3.4)
    slop (3.5.0)
    spring (1.1.3)
    sprockets (2.11.0)
      hike (~> 1.2)
      multi_json (~> 1.0)
      rack (~> 1.0)
      tilt (~> 1.1, != 1.3.0)
    sprockets-rails (2.2.4)
      actionpack (>= 3.0)
      activesupport (>= 3.0)
      sprockets (>= 2.8, < 4.0)
    sqlite3 (1.3.9)
    terminal-table (1.5.2)
    thor (0.19.1)
    thread_safe (0.3.4)
    tilt (1.4.1)
    timers (1.1.0)
    ttfunk (1.1.1)
    turbolinks (2.2.2)
      coffee-rails
    tzinfo (1.2.2)
      thread_safe (~> 0.1)
    uglifier (2.5.1)
      execjs (>= 0.3.0)
      json (>= 1.8.0)
    vegas (0.1.11)
      rack (>= 1.0.0)
    vulndbhq (0.1.0)
      faraday (~> 0.8)
      multi_json (~> 1.3)
    warden (1.2.3)
      rack (>= 1.0)
    xpath (2.0.0)
      nokogiri (~> 1.3)

PLATFORMS
  ruby

DEPENDENCIES
  RedCloth (= 4.2.9)
  acts_as_tree (~> 1.6)
  bcrypt (= 3.1.9)
  brakeman
  builder
  capybara
  coffee-rails (~> 4.0.0)
  database_cleaner
  dradis-acunetix!
  dradis-api!
  dradis-brakeman!
  dradis-burp!
  dradis-html_export!
  dradis-mediawiki!
  dradis-nessus!
  dradis-nexpose!
  dradis-nikto!
  dradis-nmap!
  dradis-ntospider!
  dradis-openvas!
  dradis-pdf_export!
  dradis-plugins!
  dradis-projects!
  dradis-qualys!
  dradis-theme_snowcrash!
  dradis-vulndb!
  dradis_core!
  dradis_frontend!
  factory_girl (~> 2.6.4)
  foreman
  guard-rspec
  hitimes (= 1.2.2)
  jbuilder (~> 2.0)
  nokogiri (= 1.6.5)
  rails (= 4.1.9)
  rerun
  resque
  resque-status
  rspec-rails
  ruby-nmap
  sass-rails (~> 4.0.3)
  sdoc (~> 0.4.0)
  spring
  sqlite3 (= 1.3.9)
  thor (~> 0.19.1)
  turbolinks
  uglifier (>= 1.3.0)

BUNDLED WITH
   1.10.5
